PATH
  remote: .
  specs:
    special_happy (0.1.0)
      thor (~> 1.3)

GEM
  remote: https://rubygems.org/
  specs:
    rake (13.2.1)
    thor (1.3.1)

PLATFORMS
  arm64-darwin-23
  ruby

DEPENDENCIES
  rake (~> 13.0)
  special_happy!

BUNDLED WITH
   2.5.17
